GEM
  remote: https://rubygems.org/
  specs:
    ast (2.4.0)
    daemons (1.3.1)
    eventmachine (1.2.7)
    jaro_winkler (1.5.3)
    mustermann (1.0.3)
    parallel (1.18.0)
    parser (2.6.5.0)
      ast (~> 2.4.0)
    rack (2.0.8)
    rack-protection (2.0.7)
      rack
    rainbow (3.0.0)
    rake (13.0.0)
    rubocop (0.75.0)
      jaro_winkler (~> 1.5.1)
      parallel (~> 1.10)
      parser (>= 2.6)
      rainbow (>= 2.2.2, < 4.0)
      ruby-progressbar (~> 1.7)
      unicode-display_width (>= 1.4.0, < 1.7)
    rubocop-performance (1.5.0)
      rubocop (>= 0.71.0)
    ruby-progressbar (1.10.1)
    sinatra (2.0.7)
      mustermann (~> 1.0)
      rack (~> 2.0)
      rack-protection (= 2.0.7)
      tilt (~> 2.0)
    slim (4.0.1)
      temple (>= 0.7.6, < 0.9)
      tilt (>= 2.0.6, < 2.1)
    temple (0.8.2)
    thin (1.7.2)
      daemons (~> 1.0, >= 1.0.9)
      eventmachine (~> 1.0, >= 1.0.4)
      rack (>= 1, < 3)
    tilt (2.0.10)
    unicode-display_width (1.6.0)

PLATFORMS
  ruby

DEPENDENCIES
  rake (~> 13.0)
  rubocop (~> 0.75.0)
  rubocop-performance (~> 1.5)
  sinatra (~> 2.0)
  slim (~> 4.0)
  thin (~> 1.7)

RUBY VERSION
   ruby 2.6.5p114

BUNDLED WITH
   1.17.3
